GIT
  remote: https://github.com/express42/zabbixapi.git
  revision: 674662f359be67d2db4e989f7ab6b8d40e334abd
  specs:
    zabbixapi (2.2.0)
      json (~> 1.6, >= 1.6.0)

GEM
  remote: https://rubygems.org/
  specs:
    json (1.8.1)

PLATFORMS
  ruby

DEPENDENCIES
  zabbixapi!
